GEM
  remote: http://rubygems.org/
  specs:
    ffi (1.0.11)
    git (1.2.5)
    jeweler (1.8.3)
      bundler (~> 1.0)
      git (>= 1.2.5)
      rake
      rdoc
    json (1.7.3)
    minitest (3.0.0)
    multi_json (1.3.5)
    rake (0.9.2.2)
    rdoc (3.12)
      json (~> 1.4)
    simplecov (0.6.4)
      multi_json (~> 1.0)
      simplecov-html (~> 0.5.3)
    simplecov-html (0.5.3)
    yard (0.8.1)

PLATFORMS
  ruby

DEPENDENCIES
  bundler (>= 1.1.0)
  ffi (>= 1.0.11)
  jeweler (>= 1.8.3)
  minitest (>= 2.12.1)
  simplecov (>= 0.6.1)
  yard (>= 0.8.1)
